PATH
  remote: .
  specs:
    week (0.0.3)

GEM
  specs:

PLATFORMS
  ruby

DEPENDENCIES
  week!
